GEM
  remote: https://rubygems.org/
  specs:
    activemodel (5.2.3)
      activesupport (= 5.2.3)
    activerecord (5.2.3)
      activemodel (= 5.2.3)
      activesupport (= 5.2.3)
      arel (>= 9.0)
    activesupport (5.2.3)
      concurrent-ruby (~> 1.0, >= 1.0.2)
      i18n (>= 0.7, < 2)
      minitest (~> 5.1)
      tzinfo (~> 1.1)
    annotate (2.7.5)
      activerecord (>= 3.2, < 7.0)
      rake (>= 10.4, < 13.0)
    arel (9.0.0)
    ast (2.4.0)
    awesome_print (1.8.0)
    backport (1.0.0)
    backticks (1.0.2)
    coderay (1.1.2)
    colorize (0.8.1)
    concurrent-ruby (1.1.5)
    coolline (0.5.0)
      unicode_utils (~> 1.4)
    docker-compose (1.1.12)
      backticks (~> 1.0)
    gem-browse (1.0.0)
    gem-ctags (1.0.9)
    ghi (1.2.0)
      pygments.rb
    hirb (0.7.3)
    htmlentities (4.3.4)
    i18n (1.6.0)
      concurrent-ruby (~> 1.0)
    jaro_winkler (1.5.2)
    kramdown (1.17.0)
    method_source (0.9.2)
    mini_portile2 (2.4.0)
    minitest (5.11.3)
    msgpack (1.2.10)
    multi_json (1.13.1)
    neovim (0.8.0)
      msgpack (~> 1.1)
      multi_json (~> 1.0)
    nokogiri (1.10.3)
      mini_portile2 (~> 2.4.0)
    parallel (1.17.0)
    parser (2.6.3.0)
      ast (~> 2.4.0)
    pry (0.12.2)
      coderay (~> 1.1.0)
      method_source (~> 0.9.0)
    pry-bloodline (0.0.2)
      colorize (~> 0.7)
      pry (~> 0.10)
    pry-coolline (0.2.5)
      coolline (~> 0.5)
    pry-doc (1.0.0)
      pry (~> 0.11)
      yard (~> 0.9.11)
    pry-inline (1.0.5)
      pry (> 0.10.0, <= 0.12.2)
      unicode (~> 0.4.4)
    pry-theme (1.3.0)
      coderay (~> 1.1)
    pry-toys (0.0.2)
      pry
    pygments.rb (1.2.1)
      multi_json (>= 1.0.0)
    rainbow (3.0.0)
    rake (12.3.2)
    rb-readline (0.5.5)
    rb-scpt (1.0.3)
    reverse_markdown (1.1.0)
      nokogiri
    rubocop (0.68.0)
      jaro_winkler (~> 1.5.1)
      parallel (~> 1.10)
      parser (>= 2.5, != 2.5.1.1)
      rainbow (>= 2.2.2, < 4.0)
      ruby-progressbar (~> 1.7)
      unicode-display_width (>= 1.4.0, < 1.6)
    ruby-progressbar (1.10.0)
    sketches (0.1.1)
    solargraph (0.32.1)
      backport (~> 1.0)
      bundler (>= 1.17.2)
      htmlentities (~> 4.3, >= 4.3.4)
      jaro_winkler (~> 1.5)
      kramdown (~> 1.16)
      parser (~> 2.3)
      reverse_markdown (~> 1.0, >= 1.0.5)
      rubocop (~> 0.52)
      thor (~> 0.19, >= 0.19.4)
      tilt (~> 2.0)
      yard (~> 0.9)
    thor (0.20.3)
    thread_safe (0.3.6)
    tilt (2.0.9)
    tzinfo (1.2.5)
      thread_safe (~> 0.1)
    unicode (0.4.4.4)
    unicode-display_width (1.5.0)
    unicode_utils (1.4.0)
    version (1.1.1)
    wallpaper (0.0.0)
      version (~> 1)
    yard (0.9.19)

PLATFORMS
  ruby

DEPENDENCIES
  annotate
  awesome_print
  bundler
  docker-compose
  gem-browse
  gem-ctags
  ghi
  hirb
  neovim
  pry
  pry-bloodline
  pry-coolline
  pry-doc
  pry-inline
  pry-theme
  pry-toys
  rb-readline
  rb-scpt
  rubocop
  sketches
  solargraph
  wallpaper

BUNDLED WITH
   1.17.2
