GEM
  remote: https://rubygems.org/
  specs:
    active_support (3.0.0)
      activesupport (= 3.0.0)
    activesupport (3.0.0)
    amatch (0.2.11)
      tins (~> 0.3)
    chronic (0.10.2)
    coderay (1.1.0)
    faraday (0.9.0)
      multipart-post (>= 1.2, < 3)
    forecast_io (2.0.0)
      faraday
      hashie
      multi_json
    hall (0.0.4)
      httparty (~> 0.12.0)
    hashie (2.0.5)
    highline (1.6.21)
    httparty (0.12.0)
      json (~> 1.8)
      multi_xml (>= 0.5.2)
    json (1.8.1)
    method_source (0.8.2)
    multi_json (1.9.0)
    multi_xml (0.5.5)
    multipart-post (2.0.0)
    oauth (0.4.7)
    plist (3.1.0)
    pry (0.9.12.6)
      coderay (~> 1.0)
      method_source (~> 0.8)
      slop (~> 3.4)
    rb-appscript (0.6.1)
    readit (0.1.0)
      hashie
      multi_json
      oauth
    slop (3.5.0)
    tins (0.13.2)
    webloc (0.0.1)
      plist

PLATFORMS
  ruby

DEPENDENCIES
  active_support
  amatch
  chronic
  forecast_io
  hall
  highline
  oauth
  pry
  rb-appscript
  readit
  webloc
