GEM
  remote: https://rubygems.org/
  specs:
    awesome_print (1.2.0)
    coderay (1.1.0)
    coolline (0.4.3)
    domain_name (0.5.16)
      unf (>= 0.0.5, < 1.0.0)
    erubis (2.7.0)
    facets (2.9.3)
    faraday (0.8.9)
      multipart-post (~> 1.2.0)
    faraday_middleware (0.9.0)
      faraday (>= 0.7.4, < 0.9)
    fastri (0.3.1.1)
    git (1.2.6)
    hirb (0.7.1)
    http-cookie (1.0.2)
      domain_name (~> 0.5)
    iconv (1.0.4)
    json (1.8.1)
    lolcat (42.0.99)
      paint (~> 0.8.3)
      trollop (~> 1.16.2)
    mechanize (2.7.3)
      domain_name (~> 0.5, >= 0.5.1)
      http-cookie (~> 1.0)
      mime-types (~> 2.0)
      net-http-digest_auth (~> 1.1, >= 1.1.1)
      net-http-persistent (~> 2.5, >= 2.5.2)
      nokogiri (~> 1.4)
      ntlm-http (~> 0.1, >= 0.1.1)
      webrobots (>= 0.0.9, < 0.2)
    method_source (0.8.2)
    mime-types (2.1)
    mini_portile (0.5.2)
    multipart-post (1.2.0)
    net-http-digest_auth (1.4)
    net-http-persistent (2.9.4)
    nokogiri (1.6.1)
      mini_portile (~> 0.5.0)
    ntlm-http (0.1.1)
    oauth (0.4.7)
    paint (0.8.7)
    pry (0.9.12.6)
      coderay (~> 1.0)
      method_source (~> 0.8)
      slop (~> 3.4)
    pry-coolline (0.2.4)
      coolline (~> 0.3)
    pry-theme (1.0.2)
      coderay (~> 1.1)
      json (~> 1.8)
    rb-appscript (0.6.1)
    rb-readline (0.5.1)
    rcodetools (0.8.5.0)
    redcarpet (3.1.1)
    ruby-mp3info (0.8.3)
    simple_oauth (0.2.0)
    sketches (0.1.1)
    slop (3.4.7)
    thor (0.18.1)
    tmuxinator (0.6.7)
      erubis
      thor (>= 0.18.0)
    trollop (1.16.2)
    tumblr_client (0.8.1)
      faraday (>= 0.8)
      faraday_middleware (>= 0.8)
      json
      mime-types
      oauth
      simple_oauth
    unf (0.1.3)
      unf_ext
    unf_ext (0.0.6)
    webrobots (0.1.1)
    zeus (0.13.3)
      method_source (>= 0.6.7)

PLATFORMS
  ruby

DEPENDENCIES
  awesome_print
  facets
  fastri
  git
  hirb
  iconv
  lolcat
  mechanize
  pry
  pry-coolline
  pry-theme
  rb-appscript
  rb-readline
  rcodetools
  redcarpet
  ruby-mp3info
  sketches
  tmuxinator
  tumblr_client
  zeus
